GIT
  remote: https://github.com/faker-ruby/faker.git
  revision: a7746b9576f9f035202defbf74ed437f86269121
  branch: master
  specs:
    faker (2.23.0)
      i18n (>= 1.8.11, < 2)

GEM
  remote: https://rubygems.org/
  specs:
    actioncable (6.1.4.7)
      actionpack (= 6.1.4.7)
      activesupport (= 6.1.4.7)
      nio4r (~> 2.0)
      websocket-driver (>= 0.6.1)
    actionmailbox (6.1.4.7)
      actionpack (= 6.1.4.7)
      activejob (= 6.1.4.7)
      activerecord (= 6.1.4.7)
      activestorage (= 6.1.4.7)
      activesupport (= 6.1.4.7)
      mail (>= 2.7.1)
    actionmailer (6.1.4.7)
      actionpack (= 6.1.4.7)
      actionview (= 6.1.4.7)
      activejob (= 6.1.4.7)
      activesupport (= 6.1.4.7)
      mail (~> 2.5, >= 2.5.4)
      rails-dom-testing (~> 2.0)
    actionpack (6.1.4.7)
      actionview (= 6.1.4.7)
      activesupport (= 6.1.4.7)
      rack (~> 2.0, >= 2.0.9)
      rack-test (>= 0.6.3)
      rails-dom-testing (~> 2.0)
      rails-html-sanitizer (~> 1.0, >= 1.2.0)
    actiontext (6.1.4.7)
      actionpack (= 6.1.4.7)
      activerecord (= 6.1.4.7)
      activestorage (= 6.1.4.7)
      activesupport (= 6.1.4.7)
      nokogiri (>= 1.8.5)
    actionview (6.1.4.7)
      activesupport (= 6.1.4.7)
      builder (~> 3.1)
      erubi (~> 1.4)
      rails-dom-testing (~> 2.0)
      rails-html-sanitizer (~> 1.1, >= 1.2.0)
    activeadmin (2.13.1)
      arbre (~> 1.2, >= 1.2.1)
      formtastic (>= 3.1, < 5.0)
      formtastic_i18n (~> 0.4)
      inherited_resources (~> 1.7)
      jquery-rails (~> 4.2)
      kaminari (~> 1.0, >= 1.2.1)
      railties (>= 6.1, < 7.1)
      ransack (>= 2.1.1, < 4)
    activejob (6.1.4.7)
      activesupport (= 6.1.4.7)
      globalid (>= 0.3.6)
    activemodel (6.1.4.7)
      activesupport (= 6.1.4.7)
    activerecord (6.1.4.7)
      activemodel (= 6.1.4.7)
      activesupport (= 6.1.4.7)
    activestorage (6.1.4.7)
      actionpack (= 6.1.4.7)
      activejob (= 6.1.4.7)
      activerecord (= 6.1.4.7)
      activesupport (= 6.1.4.7)
      marcel (~> 1.0.0)
      mini_mime (>= 1.1.0)
    activesupport (6.1.4.7)
      concurrent-ruby (~> 1.0, >= 1.0.2)
      i18n (>= 1.6, < 2)
      minitest (>= 5.1)
      tzinfo (~> 2.0)
      zeitwerk (~> 2.3)
    addressable (2.8.3)
      public_suffix (>= 2.0.2, < 6.0)
    ahoy_matey (4.1.0)
      activesupport (>= 5.2)
      device_detector
      safely_block (>= 0.2.1)
    airbrussh (1.4.1)
      sshkit (>= 1.6.1, != 1.7.0)
    annotate (3.2.0)
      activerecord (>= 3.2, < 8.0)
      rake (>= 10.4, < 14.0)
    arbre (1.5.0)
      activesupport (>= 3.0.0, < 7.1)
      ruby2_keywords (>= 0.0.2, < 1.0)
    ast (2.4.2)
    aws-eventstream (1.2.0)
    aws-partitions (1.583.0)
    aws-sdk-core (3.130.2)
      aws-eventstream (~> 1, >= 1.0.2)
      aws-partitions (~> 1, >= 1.525.0)
      aws-sigv4 (~> 1.1)
      jmespath (~> 1.0)
    aws-sdk-kms (1.56.0)
      aws-sdk-core (~> 3, >= 3.127.0)
      aws-sigv4 (~> 1.1)
    aws-sdk-s3 (1.114.0)
      aws-sdk-core (~> 3, >= 3.127.0)
      aws-sdk-kms (~> 1)
      aws-sigv4 (~> 1.4)
    aws-sigv4 (1.5.0)
      aws-eventstream (~> 1, >= 1.0.2)
    bcrypt (3.1.18)
    better_errors (2.9.1)
      coderay (>= 1.0.0)
      erubi (>= 1.0.0)
      rack (>= 0.9.0)
    bindex (0.8.1)
    binding_of_caller (1.0.0)
      debug_inspector (>= 0.0.1)
    blazer (2.6.5)
      activerecord (>= 5)
      chartkick (>= 3.2)
      railties (>= 5)
      safely_block (>= 0.1.1)
    bootsnap (1.13.0)
      msgpack (~> 1.2)
    brakeman (5.4.1)
    builder (3.2.4)
    bullet (7.0.7)
      activesupport (>= 3.0.0)
      uniform_notifier (~> 1.11)
    capistrano (3.17.1)
      airbrussh (>= 1.0.0)
      i18n
      rake (>= 10.0.0)
      sshkit (>= 1.9.0)
    capistrano-bundler (2.0.1)
      capistrano (~> 3.1)
    capistrano-passenger (0.2.1)
      capistrano (~> 3.0)
    capistrano-rails (1.6.2)
      capistrano (~> 3.1)
      capistrano-bundler (>= 1.1, < 3)
    capistrano-rails-console (2.3.0)
      capistrano (>= 3.5.0, < 4.0.0)
      sshkit-interactive (~> 0.3.0)
    capistrano-rbenv (2.2.0)
      capistrano (~> 3.1)
      sshkit (~> 1.3)
    capistrano-sidekiq (2.3.0)
      capistrano (>= 3.9.0)
      capistrano-bundler
      sidekiq (>= 6.0)
    capybara (3.37.1)
      addressable
      matrix
      mini_mime (>= 0.1.3)
      nokogiri (~> 1.8)
      rack (>= 1.6.0)
      rack-test (>= 0.6.3)
      regexp_parser (>= 1.5, < 3.0)
      xpath (~> 3.2)
    chartkick (4.2.1)
    childprocess (4.1.0)
    coderay (1.1.3)
    concurrent-ruby (1.2.2)
    connection_pool (2.2.5)
    crass (1.0.6)
    cuprite (0.14.3)
      capybara (~> 3.0)
      ferrum (~> 0.13.0)
    daemons (1.4.1)
    database_cleaner-active_record (2.1.0)
      activerecord (>= 5.a)
      database_cleaner-core (~> 2.0.0)
    database_cleaner-core (2.0.1)
    date (3.3.3)
    debug (1.7.2)
      irb (>= 1.5.0)
      reline (>= 0.3.1)
    debug_inspector (1.1.0)
    device_detector (1.0.7)
    devise (4.9.2)
      bcrypt (~> 3.0)
      orm_adapter (~> 0.1)
      railties (>= 4.1.0)
      responders
      warden (~> 1.2.3)
    diff-lcs (1.5.0)
    digest (3.1.1)
    dotenv (2.8.1)
    dotenv-rails (2.8.1)
      dotenv (= 2.8.1)
      railties (>= 3.2)
    down (5.4.0)
      addressable (~> 2.8)
    errbase (0.2.2)
    erubi (1.12.0)
    eventmachine (1.2.7)
    factory_bot (6.2.0)
      activesupport (>= 5.0.0)
    factory_bot_rails (6.2.0)
      factory_bot (~> 6.2.0)
      railties (>= 5.0.0)
    faraday (2.7.4)
      faraday-net_http (>= 2.0, < 3.1)
      ruby2_keywords (>= 0.0.4)
    faraday-net_http (3.0.2)
    ferrum (0.13)
      addressable (~> 2.5)
      concurrent-ruby (~> 1.1)
      webrick (~> 1.7)
      websocket-driver (>= 0.6, < 0.8)
    ffi (1.15.5)
    flamegraph (0.9.5)
    formtastic (4.0.0)
      actionpack (>= 5.2.0)
    formtastic_i18n (0.7.0)
    friendly_id (5.4.2)
      activerecord (>= 4.0.0)
    globalid (1.0.1)
      activesupport (>= 5.0)
    haml (5.2.2)
      temple (>= 0.8.0)
      tilt
    has_scope (0.8.0)
      actionpack (>= 5.2)
      activesupport (>= 5.2)
    honeybadger (5.2.1)
    htmlbeautifier (1.4.2)
    i18n (1.12.0)
      concurrent-ruby (~> 1.0)
    image_processing (1.12.2)
      mini_magick (>= 4.9.5, < 5)
      ruby-vips (>= 2.0.17, < 3)
    inherited_resources (1.13.1)
      actionpack (>= 5.2, < 7.1)
      has_scope (~> 0.6)
      railties (>= 5.2, < 7.1)
      responders (>= 2, < 4)
    io-console (0.6.0)
    irb (1.6.3)
      reline (>= 0.3.0)
    jbuilder (2.11.5)
      actionview (>= 5.0.0)
      activesupport (>= 5.0.0)
    jmespath (1.6.1)
    jquery-rails (4.4.0)
      rails-dom-testing (>= 1, < 3)
      railties (>= 4.2.0)
      thor (>= 0.14, < 2.0)
    json (2.6.3)
    kaminari (1.2.2)
      activesupport (>= 4.1.0)
      kaminari-actionview (= 1.2.2)
      kaminari-activerecord (= 1.2.2)
      kaminari-core (= 1.2.2)
    kaminari-actionview (1.2.2)
      actionview
      kaminari-core (= 1.2.2)
    kaminari-activerecord (1.2.2)
      activerecord
      kaminari-core (= 1.2.2)
    kaminari-core (1.2.2)
    language_server-protocol (3.17.0.2)
    launchy (2.5.0)
      addressable (~> 2.7)
    letter_opener (1.8.1)
      launchy (>= 2.2, < 3)
    listen (3.7.1)
      rb-fsevent (~> 0.10, >= 0.10.3)
      rb-inotify (~> 0.9, >= 0.9.10)
    loofah (2.20.0)
      crass (~> 1.0.2)
      nokogiri (>= 1.5.9)
    mail (2.7.1)
      mini_mime (>= 0.1.1)
    mailcatcher (0.2.4)
      eventmachine
      haml
      i18n
      json
      mail
      sinatra
      skinny (>= 0.1.2)
      sqlite3-ruby
      thin
    marcel (1.0.2)
    matrix (0.4.2)
    memory_profiler (1.0.1)
    meta-tags (2.17.0)
      actionpack (>= 3.2.0, < 7.1)
    method_source (1.0.0)
    mini_magick (4.11.0)
    mini_mime (1.1.2)
    mini_portile2 (2.8.1)
    minitest (5.18.0)
    msgpack (1.5.4)
    mustermann (3.0.0)
      ruby2_keywords (~> 0.0.1)
    net-imap (0.3.4)
      date
      net-protocol
    net-pop (0.1.1)
      digest
      net-protocol
      timeout
    net-protocol (0.2.1)
      timeout
    net-scp (1.2.1)
      net-ssh (>= 2.6.5)
    net-smtp (0.3.1)
      digest
      net-protocol
      timeout
    net-ssh (7.0.1)
    nio4r (2.5.8)
    nokogiri (1.14.2)
      mini_portile2 (~> 2.8.0)
      racc (~> 1.4)
    octokit (6.1.0)
      faraday (>= 1, < 3)
      sawyer (~> 0.9)
    oj (3.14.3)
    orm_adapter (0.5.0)
    parallel (1.22.1)
    parser (3.2.0.0)
      ast (~> 2.4.1)
    pg (1.4.6)
    pg_search (2.3.6)
      activerecord (>= 5.2)
      activesupport (>= 5.2)
    public_suffix (5.0.1)
    puma (5.6.4)
      nio4r (~> 2.0)
    racc (1.6.2)
    rack (2.2.6.4)
    rack-mini-profiler (3.0.0)
      rack (>= 1.2.0)
    rack-protection (3.0.4)
      rack
    rack-proxy (0.7.0)
      rack
    rack-test (2.1.0)
      rack (>= 1.3)
    rails (6.1.4.7)
      actioncable (= 6.1.4.7)
      actionmailbox (= 6.1.4.7)
      actionmailer (= 6.1.4.7)
      actionpack (= 6.1.4.7)
      actiontext (= 6.1.4.7)
      actionview (= 6.1.4.7)
      activejob (= 6.1.4.7)
      activemodel (= 6.1.4.7)
      activerecord (= 6.1.4.7)
      activestorage (= 6.1.4.7)
      activesupport (= 6.1.4.7)
      bundler (>= 1.15.0)
      railties (= 6.1.4.7)
      sprockets-rails (>= 2.0.0)
    rails-dom-testing (2.0.3)
      activesupport (>= 4.2.0)
      nokogiri (>= 1.6)
    rails-html-sanitizer (1.5.0)
      loofah (~> 2.19, >= 2.19.1)
    railties (6.1.4.7)
      actionpack (= 6.1.4.7)
      activesupport (= 6.1.4.7)
      method_source
      rake (>= 0.13)
      thor (~> 1.0)
    rainbow (3.1.1)
    rake (13.0.6)
    ransack (3.1.0)
      activerecord (>= 6.0.4)
      activesupport (>= 6.0.4)
      i18n
    rb-fsevent (0.11.1)
    rb-inotify (0.10.1)
      ffi (~> 1.0)
    redcarpet (3.6.0)
    redis (5.0.6)
      redis-client (>= 0.9.0)
    redis-client (0.12.1)
      connection_pool
    regexp_parser (2.7.0)
    reline (0.3.3)
      io-console (~> 0.5)
    responders (3.1.0)
      actionpack (>= 5.2)
      railties (>= 5.2)
    rexml (3.2.5)
    rspec-core (3.11.0)
      rspec-support (~> 3.11.0)
    rspec-expectations (3.11.0)
      diff-lcs (>= 1.2.0, < 2.0)
      rspec-support (~> 3.11.0)
    rspec-mocks (3.11.1)
      diff-lcs (>= 1.2.0, < 2.0)
      rspec-support (~> 3.11.0)
    rspec-rails (5.1.2)
      actionpack (>= 5.2)
      activesupport (>= 5.2)
      railties (>= 5.2)
      rspec-core (~> 3.10)
      rspec-expectations (~> 3.10)
      rspec-mocks (~> 3.10)
      rspec-support (~> 3.10)
    rspec-support (3.11.0)
    rubocop (1.42.0)
      json (~> 2.3)
      parallel (~> 1.10)
      parser (>= 3.1.2.1)
      rainbow (>= 2.2.2, < 4.0)
      regexp_parser (>= 1.8, < 3.0)
      rexml (>= 3.2.5, < 4.0)
      rubocop-ast (>= 1.24.1, < 2.0)
      ruby-progressbar (~> 1.7)
      unicode-display_width (>= 1.4.0, < 3.0)
    rubocop-ast (1.24.1)
      parser (>= 3.1.1.0)
    rubocop-performance (1.15.2)
      rubocop (>= 1.7.0, < 2.0)
      rubocop-ast (>= 0.4.0)
    rubocop-rails (2.17.4)
      activesupport (>= 4.2.0)
      rack (>= 1.1)
      rubocop (>= 1.33.0, < 2.0)
    ruby-lsp (0.0.4)
      language_server-protocol
      rubocop (>= 1.0)
      sorbet-runtime
      syntax_tree (>= 2.3)
    ruby-progressbar (1.11.0)
    ruby-vips (2.1.4)
      ffi (~> 1.12)
    ruby2_keywords (0.0.5)
    rubyzip (2.3.2)
    safely_block (0.3.0)
      errbase (>= 0.1.1)
    sanitize (6.0.1)
      crass (~> 1.0.2)
      nokogiri (>= 1.12.0)
    sass-rails (6.0.0)
      sassc-rails (~> 2.1, >= 2.1.1)
    sassc (2.4.0)
      ffi (~> 1.9)
    sassc-rails (2.1.2)
      railties (>= 4.0.0)
      sassc (>= 2.0)
      sprockets (> 3.0)
      sprockets-rails
      tilt
    sawyer (0.9.2)
      addressable (>= 2.3.5)
      faraday (>= 0.17.3, < 3)
    selenium-webdriver (4.1.0)
      childprocess (>= 0.5, < 5.0)
      rexml (~> 3.2, >= 3.2.5)
      rubyzip (>= 1.2.2)
    semantic_range (3.0.0)
    shoulda-matchers (5.1.0)
      activesupport (>= 5.2.0)
    sidekiq (6.5.4)
      connection_pool (>= 2.2.2)
      rack (~> 2.0)
      redis (>= 4.5.0)
    simple_form (5.2.0)
      actionpack (>= 5.2)
      activemodel (>= 5.2)
    sinatra (3.0.4)
      mustermann (~> 3.0)
      rack (~> 2.2, >= 2.2.4)
      rack-protection (= 3.0.4)
      tilt (~> 2.0)
    sitemap_generator (6.3.0)
      builder (~> 3.0)
    skinny (0.2.2)
      eventmachine (~> 1.0)
      thin
    sorbet-runtime (0.5.10233)
    spring (2.1.1)
    spring-watcher-listen (2.0.1)
      listen (>= 2.7, < 4.0)
      spring (>= 1.2, < 3.0)
    sprockets (4.0.3)
      concurrent-ruby (~> 1.0)
      rack (> 1, < 3)
    sprockets-rails (3.4.2)
      actionpack (>= 5.2)
      activesupport (>= 5.2)
      sprockets (>= 3.0.0)
    sqlite3 (1.5.2)
      mini_portile2 (~> 2.8.0)
    sqlite3-ruby (1.3.3)
      sqlite3 (>= 1.3.3)
    sshkit (1.21.2)
      net-scp (>= 1.1.2)
      net-ssh (>= 2.8.0)
    sshkit-interactive (0.3.0)
      sshkit (~> 1.12)
    stackprof (0.2.24)
    standard (1.22.1)
      language_server-protocol (~> 3.17.0.2)
      rubocop (= 1.42.0)
      rubocop-performance (= 1.15.2)
    strscan (3.0.1)
    syntax_tree (2.3.1)
    temple (0.8.2)
    thin (1.8.1)
      daemons (~> 1.0, >= 1.0.9)
      eventmachine (~> 1.0, >= 1.0.4)
      rack (>= 1, < 3)
    thor (1.2.1)
    tilt (2.0.11)
    timecop (0.9.5)
    timeout (0.3.2)
    turbo-rails (1.1.1)
      actionpack (>= 6.0.0)
      activejob (>= 6.0.0)
      railties (>= 6.0.0)
    tzinfo (2.0.6)
      concurrent-ruby (~> 1.0)
    unicode-display_width (2.4.2)
    uniform_notifier (1.16.0)
    view_component (2.82.0)
      activesupport (>= 5.2.0, < 8.0)
      concurrent-ruby (~> 1.0)
      method_source (~> 1.0)
    warden (1.2.9)
      rack (>= 2.0.9)
    web-console (4.2.0)
      actionview (>= 6.0.0)
      activemodel (>= 6.0.0)
      bindex (>= 0.4.0)
      railties (>= 6.0.0)
    webdrivers (5.0.0)
      nokogiri (~> 1.6)
      rubyzip (>= 1.3.0)
      selenium-webdriver (~> 4.0)
    webpacker (5.4.3)
      activesupport (>= 5.2)
      rack-proxy (>= 0.6.1)
      railties (>= 5.2)
      semantic_range (>= 2.3.0)
    webrick (1.8.1)
    websocket-driver (0.7.5)
      websocket-extensions (>= 0.1.0)
    websocket-extensions (0.1.5)
    xpath (3.2.0)
      nokogiri (~> 1.8)
    zeitwerk (2.6.7)

PLATFORMS
  ruby

DEPENDENCIES
  activeadmin
  ahoy_matey
  annotate
  aws-sdk-s3
  better_errors
  binding_of_caller
  blazer
  bootsnap (>= 1.4.2)
  brakeman
  bullet
  capistrano (~> 3.17)
  capistrano-passenger (~> 0.2.1)
  capistrano-rails (~> 1.6)
  capistrano-rails-console
  capistrano-rbenv (~> 2.1, >= 2.1.4)
  capistrano-sidekiq
  capybara (>= 2.15)
  chartkick
  cuprite
  database_cleaner-active_record
  debug (>= 1.0.0)
  devise
  dotenv-rails
  down (~> 5.4)
  factory_bot_rails
  faker!
  flamegraph
  friendly_id (~> 5.4.2)
  honeybadger (~> 5.2)
  htmlbeautifier
  image_processing (~> 1.12)
  jbuilder (~> 2.11)
  kaminari
  letter_opener
  listen (>= 3.0.5, < 3.8)
  mailcatcher
  memory_profiler
  meta-tags
  net-imap
  net-pop
  net-smtp
  octokit
  oj
  pg
  pg_search
  puma (~> 5.6)
  rack-mini-profiler
  rails (~> 6.1.4)
  ransack
  redcarpet (~> 3.6)
  redis (~> 5.0)
  rspec-rails
  rubocop (~> 1.42.0)
  rubocop-rails
  ruby-lsp (~> 0.0.4)
  sanitize
  sass-rails (>= 6)
  shoulda-matchers
  sidekiq
  simple_form
  sitemap_generator
  spring
  spring-watcher-listen (~> 2.0.0)
  stackprof
  standard
  strscan (= 3.0.1)
  timecop
  turbo-rails
  tzinfo-data
  view_component
  web-console (>= 3.3.0)
  webdrivers
  webpacker (~> 5.4)

RUBY VERSION
   ruby 3.1.2p20

BUNDLED WITH
   2.1.4
